GEM
  remote: https://rubygems.org/
  specs:
    rake (13.0.6)

PLATFORMS
  x86_64-darwin-20

DEPENDENCIES
  rake

RUBY VERSION
   ruby 2.7.2p137

BUNDLED WITH
   2.2.17
